GEM
  specs:
    activesupport (3.0.9)
    daemons (1.1.4)
    eventmachine (0.12.10)
    i18n (0.5.0)
    json (1.5.1)
    posix-spawn (0.3.6)
    rack (1.2.3)
    sinatra (1.2.6)
      rack (~> 1.1)
      tilt (< 2.0, >= 1.2.2)
    thin (1.2.11)
      daemons (>= 1.0.9)
      eventmachine (>= 0.12.6)
      rack (>= 1.0.0)
    tilt (1.3.2)

PLATFORMS
  ruby

DEPENDENCIES
  activesupport
  i18n
  json
  posix-spawn
  sinatra
  thin
