GEM
  specs:
    activesupport (3.0.9)
    json (1.5.1)
    posix-spawn (0.3.6)
    rack (1.2.3)
    sinatra (1.2.6)
      rack (~> 1.1)
      tilt (< 2.0, >= 1.2.2)
    tilt (1.3.2)

PLATFORMS
  ruby

DEPENDENCIES
  activesupport
  json
  posix-spawn
  sinatra
